PATH
  remote: ../yo_ho_ho
  specs:
    yo_ho_ho (0.0.2)
      rack

GEM
  remote: https://rubygems.org/
  specs:
    rack (2.2.2)

PLATFORMS
  ruby

DEPENDENCIES
  yo_ho_ho!

BUNDLED WITH
   2.1.4
