GEM
  remote: https://rubygems.org/
  specs:
    rack (2.2.2)
    yo_ho_ho (0.0.2)
      rack

PLATFORMS
  ruby

DEPENDENCIES
  rack
  yo_ho_ho

BUNDLED WITH
   2.1.4
